GEM
  remote: https://rubygems.org/
  specs:
    addressable (2.3.5)
    crack (0.4.1)
      safe_yaml (~> 0.9.0)
    diff-lcs (1.2.4)
    httparty (0.10.1)
      multi_json (~> 1.0)
      multi_xml (>= 0.5.2)
    multi_json (1.8.2)
    multi_xml (0.5.5)
    rack (1.5.2)
    rack-test (0.6.2)
      rack (>= 1.0)
    rspec (2.14.1)
      rspec-core (~> 2.14.0)
      rspec-expectations (~> 2.14.0)
      rspec-mocks (~> 2.14.0)
    rspec-core (2.14.5)
    rspec-expectations (2.14.3)
      diff-lcs (>= 1.1.3, < 2.0)
    rspec-mocks (2.14.3)
    safe_yaml (0.9.7)
    sinatra (1.1.0)
      rack (~> 1.1)
      tilt (~> 1.1)
    tilt (1.4.1)
    webmock (1.15.0)
      addressable (>= 2.2.7)
      crack (>= 0.3.2)

PLATFORMS
  ruby

DEPENDENCIES
  httparty (= 0.10.1)
  rack (= 1.5.2)
  rack-test (= 0.6.2)
  rspec (= 2.14.1)
  sinatra (= 1.1.0)
  webmock (= 1.15.0)
